GEM
  remote: https://rubygems.org/
  specs:
    ansi (1.5.0)
    ast (2.3.0)
    jruby-jars (9.1.5.0)
    jruby-rack (1.1.20)
    oga (2.7)
      ast
      ruby-ll (~> 2.1)
    oga (2.7-java)
      ast
      ruby-ll (~> 2.1)
    rake (11.3.0)
    ruby-ll (2.1.2)
      ansi
      ast
    ruby-ll (2.1.2-java)
      ansi
      ast
    rubyzip (1.2.0)
    warbler (2.0.4)
      jruby-jars (>= 9.0.0.0)
      jruby-rack (>= 1.1.1, < 1.3)
      rake (>= 10.1.0)
      rubyzip (~> 1.0, < 1.4)

PLATFORMS
  java
  ruby

DEPENDENCIES
  oga
  warbler

BUNDLED WITH
   1.13.6
