GEM
  remote: https://rubygems.org/
  specs:
    ansi (1.5.0)
    ast (2.4.2)
    coderay (1.1.3)
    ffi (1.15.0-java)
    jruby-jars (9.2.17.0)
    jruby-rack (1.1.21)
    jruby-win32ole (0.8.5)
    method_source (1.0.0)
    oga (3.3)
      ast
      ruby-ll (~> 2.1)
    oga (3.3-java)
      ast
      ruby-ll (~> 2.1)
    pry (0.14.1)
      coderay (~> 1.1)
      method_source (~> 1.0)
    pry (0.14.1-java)
      coderay (~> 1.1)
      method_source (~> 1.0)
      spoon (~> 0.0)
    rake (13.0.3)
    ruby-ll (2.1.2)
      ansi
      ast
    ruby-ll (2.1.2-java)
      ansi
      ast
    rubyzip (1.3.0)
    spoon (0.0.6)
      ffi
    warbler (2.0.5)
      jruby-jars (>= 9.0.0.0)
      jruby-rack (>= 1.1.1, < 1.3)
      rake (>= 10.1.0)
      rubyzip (~> 1.0, < 1.4)

PLATFORMS
  java
  ruby
  universal-java-1.8

DEPENDENCIES
  jruby-win32ole
  oga
  pry (~> 0.14.1)
  warbler

BUNDLED WITH
   2.2.11
